PATH
  remote: .
  specs:
    pullreqs_factor (0.1)
      github-linguist (>= 4.5)
      mongo (>= 2.4.0)
      mysql2 (>= 0.4)
      parallel (>= 0.7.1)
      rugged (>= 0.22)
      sequel (>= 4.23)
      travis (>= 1.8.8)
      trollop (>= 2.1.2)

GEM
  remote: https://rubygems.org/
  specs:
    addressable (2.4.0)
    backports (3.15.0)
    bson (4.5.0)
    charlock_holmes (0.7.6)
    escape_utils (1.2.1)
    ethon (0.12.0)
      ffi (>= 1.3.0)
    faraday (0.17.1)
      multipart-post (>= 1.2, < 3)
    faraday_middleware (0.13.1)
      faraday (>= 0.7.4, < 1.0)
    ffi (1.11.3)
    gh (0.15.1)
      addressable (~> 2.4.0)
      backports
      faraday (~> 0.8)
      multi_json (~> 1.0)
      net-http-persistent (~> 2.9)
      net-http-pipeline
    github-linguist (7.6.1)
      charlock_holmes (~> 0.7.6)
      escape_utils (~> 1.2.0)
      mini_mime (~> 1.0)
      rugged (>= 0.25.1)
    highline (1.7.10)
    json (2.3.1)
    launchy (2.4.3)
      addressable (~> 2.3)
    mini_mime (1.0.2)
    mongo (2.10.2)
      bson (>= 4.4.2, < 5.0.0)
    multi_json (1.14.1)
    multipart-post (2.1.1)
    mysql2 (0.5.2)
    net-http-persistent (2.9.4)
    net-http-pipeline (1.0.1)
    parallel (1.18.0)
    pusher-client (0.6.2)
      json
      websocket (~> 1.0)
    rugged (0.28.3.1)
    sequel (5.25.0)
    travis (1.8.8)
      backports
      faraday (~> 0.9)
      faraday_middleware (~> 0.9, >= 0.9.1)
      gh (~> 0.13)
      highline (~> 1.6)
      launchy (~> 2.1)
      pusher-client (~> 0.4)
      typhoeus (~> 0.6, >= 0.6.8)
    trollop (2.9.9)
    typhoeus (0.8.0)
      ethon (>= 0.8.0)
    websocket (1.2.8)

PLATFORMS
  ruby

DEPENDENCIES
  pullreqs_factor!

BUNDLED WITH
   1.17.3
